GIT
  remote: https://github.com/nricciar/wikicloth.git
  revision: 00226ffc6eb46de12038feb6f4c88275645969f7
  specs:
    wikicloth (0.8.3)
      builder
      expression_parser
      htmlentities
      nokogiri
      twitter-text (>= 2.1)

GEM
  remote: https://rubygems.org/
  specs:
    builder (3.3.0)
    domain_name (0.6.20240107)
    dotenv (3.1.4)
    event_stream_parser (1.0.0)
    expression_parser (0.9.0)
    faraday (2.12.0)
      faraday-net_http (>= 2.0, < 3.4)
      json
      logger
    faraday-multipart (1.0.4)
      multipart-post (~> 2)
    faraday-net_http (3.3.0)
      net-http
    htmlentities (4.3.4)
    http-accept (1.7.0)
    http-cookie (1.0.7)
      domain_name (~> 0.5)
    idn-ruby (0.1.5)
    json (2.7.5)
    logger (1.6.1)
    mime-types (3.6.0)
      logger
      mime-types-data (~> 3.2015)
    mime-types-data (3.2024.1001)
    multipart-post (2.4.1)
    net-http (0.4.1)
      uri
    netrc (0.11.0)
    nokogiri (1.16.7-x86_64-linux)
      racc (~> 1.4)
    racc (1.8.1)
    rest-client (2.1.0)
      http-accept (>= 1.7.0, < 2.0)
      http-cookie (>= 1.0.2, < 2.0)
      mime-types (>= 1.16, < 4.0)
      netrc (~> 0.8)
    reverse_markdown (3.0.0)
      nokogiri
    rexml (3.3.9)
    ruby-openai (7.3.1)
      event_stream_parser (>= 0.3.0, < 2.0.0)
      faraday (>= 1)
      faraday-multipart (>= 1)
    twitter-text (3.1.0)
      idn-ruby
      unf (~> 0.1.0)
    unf (0.1.4)
      unf_ext
    unf_ext (0.0.9.1)
    uri (0.13.1)
    word_wrap (1.0.0)

PLATFORMS
  x86_64-linux

DEPENDENCIES
  dotenv
  rest-client
  reverse_markdown
  rexml
  ruby-openai
  wikicloth!
  word_wrap

BUNDLED WITH
   2.5.17
